GEM
  remote: https://rubygems.org/
  specs:
    addressable (2.8.1)
      public_suffix (>= 2.0.2, < 6.0)
    diffy (3.4.2)
    ethon (0.15.0)
      ffi (>= 1.15.0)
    ffi (1.15.5)
    minitar (0.9)
    nokogiri (1.13.8-x86_64-linux)
      racc (~> 1.4)
    pkg-config (1.4.9)
    public_suffix (5.0.0)
    racc (1.6.0)
    rainbow (3.1.1)
    sitediff (1.2.0)
      addressable (>= 2.5.2, < 2.9.0)
      diffy (~> 3.4.0)
      minitar (~> 0.9)
      nokogiri (>= 1.13.6)
      pkg-config (~> 1.4)
      rainbow (~> 3.1.1)
      thor (~> 1.2.1)
      typhoeus (~> 1.4.0)
      webrick (>= 1.7)
    thor (1.2.1)
    typhoeus (1.4.0)
      ethon (>= 0.9.0)
    webrick (1.7.0)

PLATFORMS
  x86_64-linux

DEPENDENCIES
  sitediff

BUNDLED WITH
   2.3.7
