GEM
  remote: https://rubygems.org/
  specs:
    addressable (2.5.2)
      public_suffix (>= 2.0.2, < 4.0)
    diffy (3.3.0)
    ethon (0.15.0)
      ffi (>= 1.15.0)
    ffi (1.15.5)
    mini_portile2 (2.8.0)
    minitar (0.9)
    nokogiri (1.13.8)
      mini_portile2 (~> 2.8.0)
      racc (~> 1.4)
    pkg-config (1.4.9)
    public_suffix (3.1.1)
    racc (1.6.0)
    rainbow (3.0.0)
    sitediff (1.1.1)
      addressable (~> 2.5.2)
      diffy (~> 3.3.0)
      minitar (~> 0.9)
      nokogiri (>= 1.10.4)
      pkg-config (~> 1.1)
      rainbow (~> 3.0.0)
      thor (~> 0.20.0)
      typhoeus (~> 1.0)
    thor (0.20.3)
    typhoeus (1.4.0)
      ethon (>= 0.9.0)

PLATFORMS
  ruby

DEPENDENCIES
  sitediff

BUNDLED WITH
   2.1.4
